NUGET
  remote: https://nuget.org/api/v2
  specs:
    Microsoft.Data.Edm (5.6.2) - framework: >= net45
    Microsoft.Data.OData (5.6.2) - framework: >= net45
      Microsoft.Data.Edm (5.6.2)
      System.Spatial (5.6.2)
    Microsoft.Data.Services.Client (5.6.2) - framework: >= net45
      Microsoft.Data.OData (5.6.2)
    Microsoft.WindowsAzure.ConfigurationManager (1.8.0.0) - framework: >= net45
    Newtonsoft.Json (6.0.8) - framework: >= net45
    System.Spatial (5.6.2) - framework: >= net45
    WindowsAzure.Storage (4.3.0) - framework: >= net45
      Microsoft.Data.OData (>= 5.6.2) - framework: winv4.5, wpv8.1, wpv8.0, >= net40
      Microsoft.Data.Services.Client (>= 5.6.2) - framework: >= net40
      Microsoft.WindowsAzure.ConfigurationManager (>= 1.8.0.0) - framework: >= net40
      Newtonsoft.Json (>= 5.0.8) - framework: wpv8.0, >= net40
